GEM
  remote: https://rubygems.org/
  specs:
    httparty (0.18.1)
      mime-types (~> 3.0)
      multi_xml (>= 0.5.2)
    logger-application (0.0.2)
    mime-types (3.3.1)
      mime-types-data (~> 3.2015)
    mime-types-data (3.2021.0225)
    mini_portile2 (2.5.0)
    multi_xml (0.6.0)
    nokogiri (1.11.2)
      mini_portile2 (~> 2.5.0)
      racc (~> 1.4)
    racc (1.5.2)
    rake (13.0.3)
    ruby-progressbar (1.11.0)
    soap4r-ng (2.0.4)

PLATFORMS
  ruby

DEPENDENCIES
  httparty (~> 0.18.1)
  logger-application (~> 0.0.2)
  nokogiri (~> 1.11, >= 1.11.2)
  rake (~> 13.0, >= 13.0.3)
  ruby-progressbar (~> 1.11)
  soap4r-ng (~> 2.0, >= 2.0.4)

BUNDLED WITH
   2.1.4
